GIT
  remote: git://github.com/nickcampbell18/omniauth-yammer-dev.git
  revision: 0feb0d44822b4999a2c1f8f73150d5ab631f4dcd
  specs:
    omniauth-yammer (0.0.6)
      omniauth-oauth2 (>= 1.1)

GEM
  remote: https://rubygems.org/
  specs:
    daemons (1.1.9)
    eventmachine (1.0.3)
    faraday (0.8.6)
      multipart-post (~> 1.1)
    hashie (1.2.0)
    httparty (0.10.2)
      multi_json (~> 1.0)
      multi_xml (>= 0.5.2)
    httpauth (0.2.0)
    jwt (0.1.7)
      multi_json (>= 1.5)
    listen (0.7.3)
    multi_json (1.6.1)
    multi_xml (0.5.3)
    multipart-post (1.2.0)
    oauth2 (0.8.1)
      faraday (~> 0.8)
      httpauth (~> 0.1)
      jwt (~> 0.1.4)
      multi_json (~> 1.0)
      rack (~> 1.2)
    omniauth (1.1.3)
      hashie (~> 1.2)
      rack
    omniauth-oauth2 (1.1.1)
      oauth2 (~> 0.8.0)
      omniauth (~> 1.0)
    rack (1.5.2)
    rack-protection (1.5.0)
      rack
    rb-fsevent (0.9.3)
    rerun (0.8.0)
      listen
    sinatra (1.3.5)
      rack (~> 1.4)
      rack-protection (~> 1.3)
      tilt (~> 1.3, >= 1.3.3)
    thin (1.5.0)
      daemons (>= 1.0.9)
      eventmachine (>= 0.12.6)
      rack (>= 1.0.0)
    tilt (1.3.5)

PLATFORMS
  ruby

DEPENDENCIES
  httparty
  omniauth
  omniauth-yammer!
  rb-fsevent (~> 0.9)
  rerun
  sinatra
  thin
